GEM
  remote: https://rubygems.org/
  specs:
    activemodel (4.2.3)
      activesupport (= 4.2.3)
      builder (~> 3.1)
    activerecord (4.2.3)
      activemodel (= 4.2.3)
      activesupport (= 4.2.3)
      arel (~> 6.0)
    activesupport (4.2.3)
      i18n (~> 0.7)
      json (~> 1.7, >= 1.7.7)
      minitest (~> 5.1)
      thread_safe (~> 0.3, >= 0.3.4)
      tzinfo (~> 1.1)
    ansi (1.5.0)
    arel (6.0.2)
    arrayfields (4.9.2)
    ast (2.0.0)
    bigbertha (0.0.5)
      firebase_token_generator (~> 1.0.1)
      main (~> 5.2.0)
      map (~> 6.3.0)
      typhoeus (~> 0.6.2)
      values (~> 1.5.0)
    border_patrol (0.2.1)
      nokogiri (>= 1.4.3.1)
    bson (1.12.3)
    bson_ext (1.12.3)
      bson (~> 1.12.3)
    builder (3.2.2)
    chronic (0.10.2)
    coderay (1.1.0)
    ethon (0.7.4)
      ffi (>= 1.3.0)
    fattr (2.2.2)
    ffi (1.9.10)
    firebase_token_generator (1.0.3)
    geocoder (1.2.9)
    i18n (0.7.0)
    json (1.8.3)
    main (5.2.0)
      arrayfields (>= 4.7.4)
      chronic (>= 0.6.2)
      fattr (>= 2.2.0)
      map (>= 5.1.0)
    map (6.3.0)
    method_source (0.8.2)
    mini_portile (0.6.2)
    minitest (5.7.0)
    mongo (1.12.3)
      bson (= 1.12.3)
    nokogiri (1.6.6.2)
      mini_portile (~> 0.6.0)
    oga (1.2.1)
      ast
      ruby-ll (~> 2.1)
    pg (0.18.2)
    pry (0.10.1)
      coderay (~> 1.1.0)
      method_source (~> 0.8.1)
      slop (~> 3.4)
    rack (1.6.4)
    rack-protection (1.5.3)
      rack
    rake (10.4.2)
    redis (3.2.1)
    redis-sinatra (1.4.0)
      redis-store (~> 1.1.0)
      sinatra (~> 1.4.0)
    redis-store (1.1.6)
      redis (>= 2.2)
    ruby-ll (2.1.2)
      ansi
      ast
    sinatra (1.4.6)
      rack (~> 1.4)
      rack-protection (~> 1.4)
      tilt (>= 1.3, < 3)
    sinatra-activerecord (2.0.6)
      activerecord (>= 3.2)
      sinatra (~> 1.0)
    slop (3.6.0)
    sqlite3 (1.3.10)
    terminal-table (1.5.2)
    thread_safe (0.3.5)
    tilt (2.0.1)
    typhoeus (0.6.9)
      ethon (>= 0.7.1)
    tzinfo (1.2.2)
      thread_safe (~> 0.1)
    values (1.5.0)

PLATFORMS
  ruby

DEPENDENCIES
  activerecord (~> 4.2)
  bigbertha (~> 0.0)
  border_patrol (~> 0.2)
  bson_ext (~> 1.8)
  chronic (~> 0.10)
  geocoder (~> 1.2)
  mongo (~> 1.8)
  oga (~> 1.2)
  pg
  pry
  rake (~> 10.1)
  redis-sinatra (~> 1.4)
  sinatra (~> 1.4)
  sinatra-activerecord (~> 2.0)
  sqlite3
  terminal-table
